PATH
  remote: .
  specs:
    timely (0.9)
      activerecord (~> 3.2.0)
      activesupport (~> 3.2.0)
      ruby-ole
      spreadsheet

GEM
  remote: https://rubygems.org/
  specs:
    activemodel (3.2.13)
      activesupport (= 3.2.13)
      builder (~> 3.0.0)
    activerecord (3.2.13)
      activemodel (= 3.2.13)
      activesupport (= 3.2.13)
      arel (~> 3.0.2)
      tzinfo (~> 0.3.29)
    activesupport (3.2.13)
      i18n (= 0.6.1)
      multi_json (~> 1.0)
    arel (3.0.2)
    builder (3.0.4)
    i18n (0.6.1)
    multi_json (1.7.2)
    rake (10.0.4)
    ruby-ole (1.2.11.6)
    spreadsheet (0.8.3)
      ruby-ole (>= 1.0)
    sqlite3 (1.3.7)
    tzinfo (0.3.37)

PLATFORMS
  ruby

DEPENDENCIES
  bundler (~> 1.3)
  rake
  sqlite3
  timely!
